GIT
  remote: git://github.com/clearsightstudio/ProMotion.git
  revision: ebbbea69f52bf0a69c32a14f597c56e77346cd91
  branch: versionbranch-2.0.1
  specs:
    ProMotion (2.0.0)
      methadone (~> 1.4)

GEM
  remote: https://rubygems.org/
  specs:
    methadone (1.7.0)
      bundler
    rake (10.3.2)

PLATFORMS
  ruby

DEPENDENCIES
  ProMotion!
  rake
